GEM
  remote: http://rubygems.org/
  specs:
    SyslogLogger (1.4.0)
      hoe (>= 1.2.0)
    actionmailer (2.3.8)
      actionpack (= 2.3.8)
    actionpack (2.3.8)
      activesupport (= 2.3.8)
      rack (~> 1.1.0)
    activerecord (2.3.8)
      activesupport (= 2.3.8)
    activeresource (2.3.8)
      activesupport (= 2.3.8)
    activesupport (2.3.8)
    akami (1.0.0)
      gyoku (>= 0.4.0)
    builder (3.0.0)
    capistrano (2.5.20)
      highline
      highline
      net-scp
      net-scp (>= 1.0.0)
      net-sftp
      net-sftp (>= 2.0.0)
      net-ssh
      net-ssh (>= 2.0.14)
      net-ssh-gateway
      net-ssh-gateway (>= 1.0.0)
    cucumber (0.10.0)
      builder (>= 2.1.2)
      diff-lcs (~> 1.1.2)
      gherkin (~> 2.3.2)
      json (~> 1.4.6)
      term-ansicolor (~> 1.0.5)
    cucumber-rails (0.2.4)
      cucumber (>= 0.6.2)
    database_cleaner (0.4.3)
    diff-lcs (1.1.2)
    gherkin (2.3.4)
      json (~> 1.4.6)
    gyoku (0.4.4)
      builder (>= 2.1.2)
    highline (1.6.1)
    hoe (2.9.1)
      rake (>= 0.8.7)
    hpricot (0.8.4)
    httpi (0.9.5)
      rack
    json (1.4.6)
    mime-types (1.18)
    mysql (2.8.1)
    net-scp (1.0.4)
      net-ssh (>= 1.99.1)
    net-sftp (2.0.5)
      net-ssh (>= 2.0.9)
    net-ssh (2.1.3)
    net-ssh-gateway (1.0.1)
      net-ssh (>= 1.99.1)
    nokogiri (1.4.4)
    nori (1.0.2)
    pg (0.9.0)
    rack (1.1.0)
    rails (2.3.8)
      actionmailer (= 2.3.8)
      actionpack (= 2.3.8)
      activerecord (= 2.3.8)
      activeresource (= 2.3.8)
      activesupport (= 2.3.8)
      rake (>= 0.8.3)
    rake (0.8.7)
    rest-client (1.6.7)
      mime-types (>= 1.16)
    rspec (1.3.1)
    rspec-rails (1.3.3)
      rack (>= 1.0.0)
      rspec (= 1.3.1)
    ruby-prof (0.9.2)
    savon (0.9.7)
      akami (~> 1.0)
      builder (>= 2.1.2)
      gyoku (>= 0.4.0)
      httpi (~> 0.9)
      nokogiri (>= 1.4.0)
      nori (~> 1.0)
      wasabi (~> 2.0)
    term-ansicolor (1.0.5)
    test-unit (1.2.3)
      hoe (>= 1.5.1)
    wasabi (2.0.0)
      nokogiri (>= 1.4.0)
    webrat (0.6.0)
      nokogiri (>= 1.2.0)
      rack (>= 1.0)

PLATFORMS
  ruby

DEPENDENCIES
  SyslogLogger (~> 1.4.0)
  capistrano (~> 2.5.20)
  cucumber-rails (~> 0.2.4)
  database_cleaner (~> 0.4.3)
  hpricot (~> 0.8.4)
  mysql
  pg (= 0.9.0)
  rack (= 1.1.0)
  rails (= 2.3.8)
  rest-client (= 1.6.7)
  rspec (~> 1.3.0)
  rspec-rails (~> 1.3.2)
  ruby-prof
  savon
  test-unit (~> 1.2.3)
  webrat (~> 0.6.0)
