GEM
  remote: http://rubygems.org/
  specs:
    activesupport (3.0.0)
    i18n (0.6.0)
    json (1.6.3)
    nokogiri (1.5.0)

PLATFORMS
  ruby

DEPENDENCIES
  activesupport (= 3.0)
  i18n (= 0.6.0)
  json (= 1.6.3)
  nokogiri (= 1.5.0)
